{
	"Modality": "MR",
	"MagneticFieldStrength": 3,
	"ImagingFrequency": 123.254375,
	"Manufacturer": "Siemens",
	"ManufacturersModelName": "Prisma",
	"InstitutionName": "SKKU",
	"InstitutionalDepartmentName": "Department",
	"InstitutionAddress": "Street StreetNo,City/264b04/,District,KR,ZIP",
	"DeviceSerialNumber": "66061",
	"StationName": "AWP66061",
	"BodyPart": "HEAD",
	"PatientPosition": "HFS",
	"ProcedureStepDescription": "Head^PI:CNIR_IBS",
	"SoftwareVersions": "syngo MR E11",
	"MRAcquisitionType": "2D",
	"StudyDescription": "Head^PI:CNIR_IBS",
	"SeriesDescription": "RUN1_Muitiband8_epi_cmrr",
	"ProtocolName": "RUN1_Muitiband8_epi_cmrr",
	"ScanningSequence": "EP",
	"SequenceVariant": "SK\\SS",
	"ScanOptions": "FS",
	"SequenceName": "epfid2d1_82",
	"ImageType": ["ORIGINAL", "PRIMARY", "M", "MB", "ND", "NORM", "MOSAIC", "MAGNITUDE"],
	"NonlinearGradientCorrection": false,
	"SeriesNumber": 5,
	"AcquisitionTime": "09:41:15.282500",
	"AcquisitionNumber": 1,
	"ImageComments": "Unaliased MB8/PE3",
	"SliceThickness": 2.7,
	"SpacingBetweenSlices": 2.7,
	"SAR": 0.0944583,
	"TablePosition": [
		0,
		0,
		-0	],
	"EchoTime": 0.0272,
	"RepetitionTime": 0.46,
	"FlipAngle": 44,
	"PartialFourier": 1,
	"BaseResolution": 82,
	"ShimSetting": [
		5044,
		3702,
		4463,
		253,
		-90,
		-85,
		-51,
		39	],
	"TxRefAmp": 241.002,
	"PhaseResolution": 1,
	"ReceiveCoilName": "HeadNeck_64",
	"ReceiveCoilActiveElements": "HC1-7;NC1",
	"PulseSequenceDetails": "%CustomerSeq%\\cmrr_mbep2d_bold",
	"WipMemBlock": "baa8a6fb-5492-498a-a165-748bd220dfeb||Sequence: R016 ve11c/master r/8780670; Nov 27 2017 15:05:12 by eja",
	"CoilCombinationMethod": "Sum of Squares",
	"ConsistencyInfo": "N4_VE11C_LATEST_20160120",
	"MatrixCoilMode": "SENSE",
	"MultibandAccelerationFactor": 8,
	"PercentPhaseFOV": 100,
	"PercentSampling": 100,
	"EchoTrainLength": 82,
	"PhaseEncodingSteps": 82,
	"AcquisitionMatrixPE": 82,
	"ReconMatrixPE": 82,
	"BandwidthPerPixelPhaseEncode": 24.888,
	"EffectiveEchoSpacing": 0.00049,
	"DerivedVendorReportedEchoSpacing": 0.00049,
	"TotalReadoutTime": 0.03969,
	"PixelBandwidth": 3050,
	"DwellTime": 2e-06,
	"PhaseEncodingDirection": "j-",
	"SliceTiming": [
		0,
		0.2525,
		0.0625,
		0.315,
		0.125,
		0.3775,
		0.1875,
		0,
		0.2525,
		0.0625,
		0.315,
		0.125,
		0.3775,
		0.1875,
		0,
		0.2525,
		0.0625,
		0.315,
		0.125,
		0.3775,
		0.1875,
		0,
		0.2525,
		0.0625,
		0.315,
		0.125,
		0.3775,
		0.1875,
		0,
		0.2525,
		0.0625,
		0.315,
		0.125,
		0.3775,
		0.1875,
		0,
		0.2525,
		0.0625,
		0.315,
		0.125,
		0.3775,
		0.1875,
		0,
		0.2525,
		0.0625,
		0.315,
		0.125,
		0.3775,
		0.1875,
		0,
		0.2525,
		0.0625,
		0.315,
		0.125,
		0.3775,
		0.1875	],
	"ImageOrientationPatientDICOM": [
		0.999999,
		0.000331008,
		0.00143255,
		2.48345e-08,
		0.974325,
		-0.225147	],
	"ImageOrientationText": "Tra>Cor(-13.0)>Sag(0.1)",
	"InPlanePhaseEncodingDirectionDICOM": "COL",
	"BidsGuess": ["func","_acq-epfid2m8_dir-AP_run-5_bold"],
	"ConversionSoftware": "dcm2niix",
	"ConversionSoftwareVersion": "v1.0.20241211"
}
