{
	"Modality": "MR",
	"MagneticFieldStrength": 3,
	"ImagingFrequency": 123.254452,
	"Manufacturer": "Siemens",
	"ManufacturersModelName": "Prisma",
	"InstitutionName": "SKKU",
	"InstitutionalDepartmentName": "Department",
	"InstitutionAddress": "Street StreetNo,City/264b04/,District,KR,ZIP",
	"DeviceSerialNumber": "66061",
	"StationName": "AWP66061",
	"BodyPart": "HEAD",
	"PatientPosition": "HFS",
	"ProcedureStepDescription": "Head^PI:CNIR_IBS",
	"SoftwareVersions": "syngo MR E11",
	"MRAcquisitionType": "3D",
	"StudyDescription": "Head^PI:CNIR_IBS",
	"SeriesDescription": "T1_mprage_sag_1.0iso",
	"ProtocolName": "T1_mprage_sag_1.0iso",
	"ScanningSequence": "GR\\IR",
	"SequenceVariant": "SK\\SP\\MP",
	"ScanOptions": "IR",
	"SequenceName": "*tfl3d1_16ns",
	"ImageType": ["ORIGINAL", "PRIMARY", "M", "ND", "NORM", "SH", "FIL", "MAGNITUDE"],
	"NonlinearGradientCorrection": false,
	"SeriesNumber": 8,
	"AcquisitionTime": "17:09:47.062500",
	"AcquisitionNumber": 1,
	"SliceThickness": 1,
	"SAR": 0.0558737,
	"TablePosition": [
		0,
		0,
		-0	],
	"EchoTime": 0.00228,
	"RepetitionTime": 2.4,
	"SpoilingState": true,
	"InversionTime": 0.9,
	"FlipAngle": 8,
	"PartialFourier": 1,
	"BaseResolution": 256,
	"ShimSetting": [
		5051,
		3747,
		4206,
		7,
		-43,
		102,
		-40,
		38	],
	"TxRefAmp": 239.312,
	"PhaseResolution": 1,
	"ReceiveCoilName": "HeadNeck_64",
	"ReceiveCoilActiveElements": "HC1-7;NC1",
	"PulseSequenceDetails": "%SiemensSeq%\\tfl",
	"RefLinesPE": 24,
	"CoilCombinationMethod": "Adaptive Combine",
	"ConsistencyInfo": "N4_VE11C_LATEST_20160120",
	"MatrixCoilMode": "GRAPPA",
	"PercentPhaseFOV": 100,
	"PercentSampling": 100,
	"PhaseEncodingSteps": 255,
	"AcquisitionMatrixPE": 256,
	"ReconMatrixPE": 256,
	"ParallelReductionFactorInPlane": 2,
	"PixelBandwidth": 200,
	"DwellTime": 9.8e-06,
	"ImageOrientationPatientDICOM": [
		-0.0262268,
		0.999656,
		1.72149e-08,
		0.00348117,
		9.13487e-05,
		-0.999994	],
	"ImageOrientationText": "Sag>Cor(-1.5)>Tra(-0.2)",
	"InPlanePhaseEncodingDirectionDICOM": "ROW",
	"BidsGuess": ["anat","_acq-tfl3p2_run-8_T1w"],
	"ConversionSoftware": "dcm2niix",
	"ConversionSoftwareVersion": "v1.0.20241211"
}
